GIT
  remote: git://github.com/killercup/bonsai.git
  revision: cfa2f8d42ec105b9f2b793a0710432c720ab16cd
  specs:
    bonsai (1.4.7)
      activesupport (>= 3.0.3)
      builder (>= 3.0.0)
      i18n (>= 0.5.0)
      launchy (>= 0.3.7)
      liquid (>= 2.2.2)
      maruku (>= 0.6.0)
      rack
      sass
      sinatra (>= 1.0)
      tilt (>= 1.3)
      watch (>= 0.1.0)

GEM
  remote: http://rubygems.org/
  specs:
    activesupport (3.2.8)
      i18n (~> 0.6)
      multi_json (~> 1.0)
    addressable (2.3.2)
    builder (3.1.3)
    coffee-script (2.2.0)
      coffee-script-source
      execjs
    coffee-script-source (1.3.3)
    execjs (1.4.0)
      multi_json (~> 1.0)
    i18n (0.6.1)
    launchy (2.1.2)
      addressable (~> 2.3)
    liquid (2.4.1)
    maruku (0.6.1)
      syntax (>= 1.0.0)
    multi_json (1.3.6)
    rack (1.4.1)
    rack-protection (1.2.0)
      rack
    sass (3.2.1)
    sinatra (1.3.3)
      rack (~> 1.3, >= 1.3.6)
      rack-protection (~> 1.2)
      tilt (~> 1.3, >= 1.3.3)
    syntax (1.0.0)
    tilt (1.3.3)
    watch (0.1.0)

PLATFORMS
  ruby

DEPENDENCIES
  bonsai!
  coffee-script
